PATH
  remote: /Users/phil/Source/resque
  specs:
    resque (2.0.0.pre.1)
      json
      mono_logger (~> 1.0)
      redis-namespace (~> 1.0)
      thor (~> 0.17)

GEM
  remote: https://rubygems.org/
  specs:
    json (1.7.7)
    mono_logger (1.0.0)
    rack (1.5.2)
    redis (3.0.3)
    redis-namespace (1.2.1)
      redis (~> 3.0.0)
    thor (0.17.0)

PLATFORMS
  ruby

DEPENDENCIES
  rack
  resque!
